GIT
  remote: git://github.com/fcla/schematron.git
  revision: 1e67cecdd563ef2b82a4b0b0a3922b2d67b55c97
  tag: v1.1.3
  specs:
    schematron (1.1.3)
      libxml-ruby
      libxslt-ruby (>= 0.9.1)
      semver (~> 0.2.0)

GEM
  remote: http://rubygems.org/
  specs:
    builder (3.0.0)
    cucumber (1.1.1)
      builder (>= 2.1.2)
      diff-lcs (>= 1.1.2)
      gherkin (~> 2.6.0)
      json (>= 1.4.6)
      term-ansicolor (>= 1.0.6)
    daemons (1.1.4)
    diff-lcs (1.1.3)
    eventmachine (0.12.10)
    gherkin (2.6.2)
      json (>= 1.4.6)
    json (1.6.1)
    libxml-ruby (2.2.2)
    libxslt-ruby (1.0.1)
      libxml-ruby (>= 2.0.2)
    mock-server (0.1.2)
      sinatra
    nokogiri (1.5.0)
    rack (1.3.5)
    rack-protection (1.1.4)
      rack
    rack-test (0.6.1)
      rack (>= 1.0)
    rjb (1.3.5)
    rspec (2.7.0)
      rspec-core (~> 2.7.0)
      rspec-expectations (~> 2.7.0)
      rspec-mocks (~> 2.7.0)
    rspec-core (2.7.1)
    rspec-expectations (2.7.0)
      diff-lcs (~> 1.1.2)
    rspec-mocks (2.7.0)
    semver (0.2.2)
    sinatra (1.3.1)
      rack (~> 1.3, >= 1.3.4)
      rack-protection (~> 1.1, >= 1.1.2)
      tilt (~> 1.3, >= 1.3.3)
    term-ansicolor (1.0.7)
    thin (1.2.11)
      daemons (>= 1.0.9)
      eventmachine (>= 0.12.6)
      rack (>= 1.0.0)
    tilt (1.3.3)
    webrat (0.7.3)
      nokogiri (>= 1.2.0)
      rack (>= 1.0)
      rack-test (>= 0.5.3)

PLATFORMS
  ruby

DEPENDENCIES
  cucumber
  libxml-ruby
  libxslt-ruby (= 1.0.1)
  mock-server
  rack-test
  rjb
  rspec
  schematron!
  semver
  sinatra
  thin
  webrat
