GEM
  remote: http://rubygems.org/
  specs:
    builder (3.0.0)
    cucumber (0.10.0)
      builder (>= 2.1.2)
      diff-lcs (~> 1.1.2)
      gherkin (~> 2.3.2)
      json (~> 1.4.6)
      term-ansicolor (~> 1.0.5)
    daemons (1.1.0)
    diff-lcs (1.1.2)
    eventmachine (0.12.10)
    gherkin (2.3.4)
      json (~> 1.4.6)
    json (1.4.6)
    libxml-ruby (1.1.4)
    libxslt-ruby (0.9.7)
      libxml-ruby (>= 0.9.4)
    mock-server (0.1)
    nokogiri (1.4.4)
    rack (1.2.1)
    rack-test (0.5.7)
      rack (>= 1.0)
    rjb (1.3.4)
    rspec (2.4.0)
      rspec-core (~> 2.4.0)
      rspec-expectations (~> 2.4.0)
      rspec-mocks (~> 2.4.0)
    rspec-core (2.4.0)
    rspec-expectations (2.4.0)
      diff-lcs (~> 1.1.2)
    rspec-mocks (2.4.0)
    schematron (1.1.1)
      libxml-ruby (~> 1.1.2)
      libxslt-ruby (>= 0.9.1)
      semver (~> 0.2.0)
    semver (0.2.2)
    sinatra (1.1.2)
      rack (~> 1.1)
      tilt (~> 1.2)
    term-ansicolor (1.0.5)
    thin (1.2.7)
      daemons (>= 1.0.9)
      eventmachine (>= 0.12.6)
      rack (>= 1.0.0)
    tilt (1.2.2)
    webrat (0.7.3)
      nokogiri (>= 1.2.0)
      rack (>= 1.0)
      rack-test (>= 0.5.3)

PLATFORMS
  ruby

DEPENDENCIES
  cucumber
  libxml-ruby
  libxslt-ruby
  mock-server
  rack-test
  rjb
  rspec
  schematron
  sinatra
  thin
  webrat
