GIT
  remote: git://github.com/fcla/schematron.git
  revision: 1e67cecdd563ef2b82a4b0b0a3922b2d67b55c97
  tag: v1.1.3
  specs:
    schematron (1.1.3)
      libxml-ruby
      libxslt-ruby (>= 0.9.1)
      semver (~> 0.2.0)

GEM
  remote: http://rubygems.org/
  specs:
    builder (3.2.2)
    cucumber (1.3.17)
      builder (>= 2.1.2)
      diff-lcs (>= 1.1.3)
      gherkin (~> 2.12)
      multi_json (>= 1.7.5, < 2.0)
      multi_test (>= 0.1.1)
    daemons (1.1.9)
    diff-lcs (1.2.5)
    eventmachine (1.0.3)
    gherkin (2.12.2)
      multi_json (~> 1.3)
    libxml-ruby (2.7.0)
    libxslt-ruby (1.1.1)
      libxml-ruby (>= 2.4.0)
    mini_portile (0.6.0)
    mock-server (0.1.2)
      sinatra
    multi_json (1.10.1)
    multi_test (0.1.1)
    nokogiri (1.6.3.1)
      mini_portile (= 0.6.0)
    rack (1.5.2)
    rack-protection (1.5.3)
      rack
    rack-test (0.6.2)
      rack (>= 1.0)
    rjb (1.4.9)
    rspec (3.1.0)
      rspec-core (~> 3.1.0)
      rspec-expectations (~> 3.1.0)
      rspec-mocks (~> 3.1.0)
    rspec-collection_matchers (1.0.0)
      rspec-expectations (>= 2.99.0.beta1)
    rspec-core (3.1.3)
      rspec-support (~> 3.1.0)
    rspec-expectations (3.1.1)
      diff-lcs (>= 1.2.0, < 2.0)
      rspec-support (~> 3.1.0)
    rspec-mocks (3.1.0)
      rspec-support (~> 3.1.0)
    rspec-support (3.1.0)
    semver (0.2.2)
    sinatra (1.4.5)
      rack (~> 1.4)
      rack-protection (~> 1.4)
      tilt (~> 1.3, >= 1.3.4)
    thin (1.6.2)
      daemons (>= 1.0.9)
      eventmachine (>= 1.0.0)
      rack (>= 1.0.0)
    tilt (1.4.1)
    webrat (0.7.3)
      nokogiri (>= 1.2.0)
      rack (>= 1.0)
      rack-test (>= 0.5.3)

PLATFORMS
  ruby

DEPENDENCIES
  cucumber
  libxml-ruby
  libxslt-ruby
  mock-server
  rjb
  rspec
  rspec-collection_matchers
  schematron!
  semver
  sinatra
  thin
  webrat
